GEM
  remote: https://rubygems.org/
  specs:
    CFPropertyList (2.2.8)
    diff-lcs (1.2.5)
    facter (2.4.6)
      CFPropertyList (~> 2.2.6)
    fakefs (0.6.7)
    hiera (3.2.1)
    hocon (0.9.0)
    json_pure (1.8.3)
    metaclass (0.0.4)
    mocha (1.1.0)
      metaclass (~> 0.0.1)
    puppet (4.7.0)
      CFPropertyList (~> 2.2.6)
      facter (> 2.0, < 4)
      hiera (>= 2.0, < 4)
      json_pure (~> 1.8)
    puppet-lint (2.0.2)
    puppet-syntax (2.1.0)
      rake
    puppetlabs_spec_helper (1.2.2)
      mocha (~> 1.0)
      puppet-lint (~> 2.0)
      puppet-syntax (~> 2.0)
      rspec-puppet (~> 2.0)
    rake (11.3.0)
    rspec (2.14.0)
      rspec-core (~> 2.14.0)
      rspec-expectations (~> 2.14.0)
      rspec-mocks (~> 2.14.0)
    rspec-core (2.14.8)
    rspec-expectations (2.14.5)
      diff-lcs (>= 1.1.3, < 2.0)
    rspec-mocks (2.14.6)
    rspec-puppet (2.4.0)
      rspec

PLATFORMS
  ruby

DEPENDENCIES
  facter (~> 2.3)
  fakefs (= 0.6.7)
  hocon (= 0.9.0)
  puppet (~> 4.5)
  puppet-lint
  puppetlabs_spec_helper
  rspec (= 2.14)
  rspec-puppet (~> 2.4)
