GEM
  remote: https://rubygems.org/
  specs:
    beaker (4.34.0)
      beaker-hostgenerator
      ed25519 (~> 1.0)
      hocon (~> 1.0)
      in-parallel (~> 0.1)
      inifile (~> 3.0)
      minitar (~> 0.6)
      minitest (~> 5.4)
      net-scp (>= 1.2, < 4.0)
      net-ssh (>= 5.0)
      open_uri_redirections (~> 0.2.1)
      pry-byebug (~> 3.9)
      rb-readline (~> 0.5.3)
      rexml
      rsync (~> 1.0.9)
      stringify-hash (~> 0.0)
      thor (>= 1.0.1, < 2.0)
    beaker-hostgenerator (1.12.0)
      deep_merge (~> 1.0)
    beaker-rspec (7.1.0)
      beaker (> 3.0)
      rspec (~> 3.0)
      serverspec (~> 2)
      specinfra (~> 2)
    byebug (11.1.3)
    coderay (1.1.3)
    deep_merge (1.2.2)
    diff-lcs (1.5.0)
    docile (1.4.0)
    ed25519 (1.3.0)
    facter (1.6.13)
    hiera (1.3.4)
      json_pure
    hocon (1.3.1)
    in-parallel (0.1.17)
    inifile (3.0.0)
    json_pure (2.6.1)
    method_source (1.0.0)
    minitar (0.9)
    minitest (5.15.0)
    mocha (1.13.0)
    multi_json (1.15.0)
    net-scp (3.0.0)
      net-ssh (>= 2.6.5, < 7.0.0)
    net-ssh (6.1.0)
    net-telnet (0.1.1)
    open_uri_redirections (0.2.1)
    pry (0.13.1)
      coderay (~> 1.1)
      method_source (~> 1.0)
    pry-byebug (3.9.0)
      byebug (~> 11.0)
      pry (~> 0.13.0)
    puppet (3.8.7)
      facter (> 1.6, < 3)
      hiera (~> 1.0)
      json_pure
    puppet-lint (0.3.2)
    puppet-syntax (2.6.0)
      rake
    puppetlabs_spec_helper (1.1.1)
      mocha
      puppet-lint
      puppet-syntax
      rake
      rspec-puppet
    rake (0.9.2.2)
    rb-readline (0.5.5)
    rexml (3.2.5)
    rspec (3.11.0)
      rspec-core (~> 3.11.0)
      rspec-expectations (~> 3.11.0)
      rspec-mocks (~> 3.11.0)
    rspec-core (3.11.0)
      rspec-support (~> 3.11.0)
    rspec-expectations (3.11.0)
      diff-lcs (>= 1.2.0, < 2.0)
      rspec-support (~> 3.11.0)
    rspec-its (1.3.0)
      rspec-core (>= 3.0.0)
      rspec-expectations (>= 3.0.0)
    rspec-mocks (3.11.0)
      diff-lcs (>= 1.2.0, < 2.0)
      rspec-support (~> 3.11.0)
    rspec-puppet (2.11.1)
      rspec
    rspec-support (3.11.0)
    rsync (1.0.9)
    serverspec (2.42.0)
      multi_json
      rspec (~> 3.0)
      rspec-its
      specinfra (~> 2.72)
    sfl (2.3)
    simplecov (0.21.2)
      docile (~> 1.1)
      simplecov-html (~> 0.11)
      simplecov_json_formatter (~> 0.1)
    simplecov-html (0.12.3)
    simplecov_json_formatter (0.1.4)
    specinfra (2.83.1)
      net-scp
      net-ssh (>= 2.7)
      net-telnet (= 0.1.1)
      sfl
    stringify-hash (0.0.2)
    thor (1.2.1)

PLATFORMS
  ruby

DEPENDENCIES
  beaker
  beaker-rspec
  facter
  pry
  puppet
  puppet-lint
  puppetlabs_spec_helper
  rake
  rspec-puppet
  serverspec
  simplecov
